GEM
  remote: http://rubygems.org/
  specs:
    json (1.5.0)
    rack (1.3.0)
    sinatra (1.0)
      rack (>= 1.0)

PLATFORMS
  ruby

DEPENDENCIES
  json (= 1.5.0)
  sinatra (= 1.0)
